PATH
  remote: .
  specs:
    stubhub (1.2.1)

GEM
  remote: https://rubygems.org/
  specs:
    addressable (2.3.3)
    coderay (1.1.0)
    crack (0.3.2)
    diff-lcs (1.2.1)
    method_source (0.8.2)
    pry (0.9.12.6)
      coderay (~> 1.0)
      method_source (~> 0.8)
      slop (~> 3.4)
    rspec (2.13.0)
      rspec-core (~> 2.13.0)
      rspec-expectations (~> 2.13.0)
      rspec-mocks (~> 2.13.0)
    rspec-core (2.13.1)
    rspec-expectations (2.13.0)
      diff-lcs (>= 1.1.3, < 2.0)
    rspec-mocks (2.13.0)
    slop (3.4.7)
    vcr (2.4.0)
    webmock (1.11.0)
      addressable (>= 2.2.7)
      crack (>= 0.3.2)

PLATFORMS
  ruby

DEPENDENCIES
  pry
  rspec
  stubhub!
  vcr
  webmock

BUNDLED WITH
   1.11.2
